GEM
  remote: http://rubygems.org/
  specs:
    bson (1.2.4)
    bson_ext (1.2.4)
    mongo (1.2.4)
      bson (>= 1.2.4)

PLATFORMS
  ruby

DEPENDENCIES
  bson (= 1.2.4)
  bson_ext (= 1.2.4)
  mongo (= 1.2.4)
